PATH
  remote: .
  specs:
    app_config (2.7.0)

GEM
  remote: https://rubygems.org/
  specs:
    bson (1.12.5)
    bson_ext (1.12.5)
      bson (~> 1.12.5)
    diff-lcs (1.3)
    docile (1.3.0)
    json (2.1.0)
    mongo (1.12.5)
      bson (= 1.12.5)
    mysql2 (0.5.1)
    pg (1.0.0)
    rake (13.0.1)
    redcarpet (3.4.0)
    rspec (3.7.0)
      rspec-core (~> 3.7.0)
      rspec-expectations (~> 3.7.0)
      rspec-mocks (~> 3.7.0)
    rspec-core (3.7.1)
      rspec-support (~> 3.7.0)
    rspec-expectations (3.7.0)
      diff-lcs (>= 1.2.0, < 2.0)
      rspec-support (~> 3.7.0)
    rspec-mocks (3.7.0)
      diff-lcs (>= 1.2.0, < 2.0)
      rspec-support (~> 3.7.0)
    rspec-support (3.7.1)
    simplecov (0.16.1)
      docile (~> 1.1)
      json (>= 1.8, < 3)
      simplecov-html (~> 0.10.0)
    simplecov-html (0.10.2)
    sqlite3 (1.3.13)
    yard (0.9.20)

PLATFORMS
  ruby

DEPENDENCIES
  app_config!
  bson (~> 1.12.5)
  bson_ext (~> 1.12.5)
  mongo (~> 1.12.5)
  mysql2 (~> 0.5.1)
  pg (~> 1.0)
  rake
  redcarpet
  rspec
  simplecov
  sqlite3
  yard (~> 0.9.20)

BUNDLED WITH
   1.17.3
