PATH
  remote: .
  specs:
    app_config (2.5.3)

GEM
  remote: https://rubygems.org/
  specs:
    bson (1.3.1)
    bson_ext (1.3.1)
    diff-lcs (1.1.3)
    mongo (1.3.1)
      bson (>= 1.3.1)
    multi_json (1.3.6)
    mysql2 (0.3.15)
    pg (0.15.1)
    rake (0.9.2.2)
    redcarpet (2.3.0)
    rspec (2.10.0)
      rspec-core (~> 2.10.0)
      rspec-expectations (~> 2.10.0)
      rspec-mocks (~> 2.10.0)
    rspec-core (2.10.1)
    rspec-expectations (2.10.0)
      diff-lcs (~> 1.1.3)
    rspec-mocks (2.10.1)
    simplecov (0.6.4)
      multi_json (~> 1.0)
      simplecov-html (~> 0.5.3)
    simplecov-html (0.5.3)
    sqlite3 (1.3.10)
    yard (0.9.12)

PLATFORMS
  ruby

DEPENDENCIES
  app_config!
  bson_ext
  mongo
  mysql2
  pg
  rake
  redcarpet
  rspec
  simplecov
  sqlite3
  yard (~> 0.9.12)

BUNDLED WITH
   1.16.1
